GEM
  remote: https://rubygems.org/
  specs:
    net-scp (2.0.0)
      net-ssh (>= 2.6.5, < 6.0.0)
    net-ssh (5.2.0)

PLATFORMS
  ruby

DEPENDENCIES
  net-scp
  net-ssh

BUNDLED WITH
   2.1.4
